GEM
  remote: https://rubygems.org/
  specs:
    chunky_png (1.2.8)
    compass (0.12.2)
      chunky_png (~> 1.2)
      fssm (>= 0.2.7)
      sass (~> 3.1)
    compass-rgbapng (0.2.1)
      chunky_png (>= 0.8.0)
      compass (>= 0.10.0)
    ffi (1.9.0)
    fontcustom (1.0.1)
      json (~> 1.8.0)
      listen (~> 1.2.2)
      thor (~> 0.18.1)
    fssm (0.2.10)
    json (1.8.0)
    listen (1.2.3)
      rb-fsevent (>= 0.9.3)
      rb-inotify (>= 0.9)
      rb-kqueue (>= 0.2)
    rb-fsevent (0.9.3)
    rb-inotify (0.9.1)
      ffi (>= 0.5.0)
    rb-kqueue (0.2.0)
      ffi (>= 0.5.0)
    sass (3.2.10)
    sass-globbing (1.1.0)
      sass (>= 3.1)
    thor (0.18.1)
    zurb-foundation (4.3.1)
      sass (>= 3.2.0)

PLATFORMS
  ruby

DEPENDENCIES
  chunky_png (>= 1.2.8)
  compass (~> 0.12.2)
  compass-rgbapng (>= 0.2.1)
  fontcustom (>= 1.0.1)
  sass (~> 3.2.10)
  sass-globbing (~> 1.1.0)
  zurb-foundation (= 4.3.1)
